GEM
  remote: https://rubygems.org/
  specs:
    byebug (9.1.0)
    coderay (1.1.2)
    holidays (5.4.0)
    method_source (0.9.0)
    pdf-core (0.7.0)
    prawn (2.2.2)
      pdf-core (~> 0.7.0)
      ttfunk (~> 1.5)
    pry (0.11.3)
      coderay (~> 1.1.0)
      method_source (~> 0.9.0)
    pry-byebug (3.5.1)
      byebug (~> 9.1)
      pry (~> 0.10)
    thor (0.20.0)
    ttfunk (1.5.0)

PLATFORMS
  ruby

DEPENDENCIES
  holidays
  prawn
  pry-byebug
  thor

BUNDLED WITH
   1.16.1
