GEM
  remote: https://rubygems.org/
  specs:
    holidays (5.4.0)
    pdf-core (0.7.0)
    prawn (2.2.2)
      pdf-core (~> 0.7.0)
      ttfunk (~> 1.5)
    ttfunk (1.5.0)
    week_of_month (1.2.3.4)

PLATFORMS
  ruby

DEPENDENCIES
  holidays
  prawn
  week_of_month

BUNDLED WITH
   1.14.3
